GEM
  remote: https://rubygems.org/
  specs:
    bacon (1.2.0)
    bourbon (4.2.6)
      sass (~> 3.4)
      thor (~> 0.19)
    haml (4.0.7)
      tilt
    kgio (2.10.0)
    normalize-scss (4.0.3)
      sass (~> 3.3)
      support-for (~> 1.0)
    rack (1.6.4)
    rack-protection (1.5.3)
      rack
    rack-test (0.6.3)
      rack (>= 1.0)
    rails_12factor (0.0.3)
      rails_serve_static_assets
      rails_stdout_logging
    rails_serve_static_assets (0.0.5)
    rails_stdout_logging (0.0.4)
    raindrops (0.15.0)
    sass (3.4.21)
    sinatra (1.4.7)
      rack (~> 1.5)
      rack-protection (~> 1.4)
      tilt (>= 1.3, < 3)
    support-for (1.0.3)
      sass (~> 3.3)
    thor (0.19.1)
    tilt (2.0.2)
    unicorn (5.0.1)
      kgio (~> 2.6)
      rack
      raindrops (~> 0.7)

PLATFORMS
  ruby

DEPENDENCIES
  bacon
  bourbon
  haml
  normalize-scss
  rack-test
  rails_12factor
  sass
  sinatra
  unicorn

BUNDLED WITH
   1.11.2
