GEM
  remote: http://rubygems.org/
  specs:
    bacon (1.1.0)
    kgio (2.6.0)
    rack (1.3.2)
    rack-test (0.6.1)
      rack (>= 1.0)
    raindrops (0.7.0)
    sinatra (1.2.6)
      rack (~> 1.1)
      tilt (< 2.0, >= 1.2.2)
    slim (1.0.2)
      temple (~> 0.3.3)
      tilt (~> 1.3.2)
    temple (0.3.4)
    tilt (1.3.3)
    unicorn (4.1.1)
      kgio (~> 2.4)
      rack
      raindrops (~> 0.6)

PLATFORMS
  ruby

DEPENDENCIES
  bacon
  rack-test
  sinatra
  slim
  unicorn
