GEM
  remote: https://rubygems.org/
  specs:
    bacon (1.1.0)
    bourbon (3.1.8)
      sass (>= 3.2.0)
      thor
    haml (4.0.5)
      tilt
    kgio (2.6.0)
    rack (1.3.2)
    rack-test (0.6.1)
      rack (>= 1.0)
    rails_12factor (0.0.2)
      rails_serve_static_assets
      rails_stdout_logging
    rails_serve_static_assets (0.0.2)
    rails_stdout_logging (0.0.3)
    raindrops (0.7.0)
    sass (3.2.13)
    sinatra (1.2.6)
      rack (~> 1.1)
      tilt (>= 1.2.2, < 2.0)
    thor (0.18.1)
    tilt (1.3.3)
    unicorn (4.1.1)
      kgio (~> 2.4)
      rack
      raindrops (~> 0.6)

PLATFORMS
  ruby

DEPENDENCIES
  bacon
  bourbon
  haml
  rack-test
  rails_12factor
  sass
  sinatra
  unicorn
