GEM
  remote: http://rubygems.org/
  specs:
    bacon (1.1.0)
    haml (4.0.5)
      tilt
    kgio (2.6.0)
    rack (1.3.2)
    rack-test (0.6.1)
      rack (>= 1.0)
    raindrops (0.7.0)
    sinatra (1.2.6)
      rack (~> 1.1)
      tilt (>= 1.2.2, < 2.0)
    tilt (1.3.3)
    unicorn (4.1.1)
      kgio (~> 2.4)
      rack
      raindrops (~> 0.6)

PLATFORMS
  ruby

DEPENDENCIES
  bacon
  haml
  rack-test
  sinatra
  unicorn
